GEM
  remote: https://rubygems.org/
  specs:
    directory_watcher (1.4.1)
    hike (1.2.3)
    json (1.8.1)
    mini_portile (0.5.2)
    multi_json (1.8.2)
    mustache (0.99.4)
    nokogiri (1.6.0)
      mini_portile (~> 0.5.0)
    psych (1.3.4)
    rack (1.5.2)
    redcarpet (2.3.0)
    ruhoh (2.5)
      directory_watcher (~> 1.4.0)
      mustache (~> 0.99)
      nokogiri (~> 1.5)
      rack (~> 1.4)
      redcarpet (~> 2.1)
    sass (3.2.12)
    sprockets (2.10.0)
      hike (~> 1.2)
      multi_json (~> 1.0)
      rack (~> 1.0)
      tilt (~> 1.1, != 1.3.0)
    tilt (1.4.1)

PLATFORMS
  ruby

DEPENDENCIES
  json
  psych (~> 1.3)
  ruhoh (~> 2)
  sass
  sprockets (~> 2.8)
